GEM
  remote: https://rubygems.org/
  specs:
    activesupport (4.2.11.3)
      i18n (~> 0.7)
      minitest (~> 5.1)
      thread_safe (~> 0.3, >= 0.3.4)
      tzinfo (~> 1.1)
    addressable (2.3.6)
    byebug (3.5.1)
      columnize (~> 0.8)
      debugger-linecache (~> 1.2)
      slop (~> 3.6)
    columnize (0.9.0)
    concurrent-ruby (1.1.9)
    crack (0.4.2)
      safe_yaml (~> 1.0.0)
    dalli (2.7.4)
    debugger-linecache (1.2.0)
    diff-lcs (1.2.5)
    dotenv (0.11.1)
      dotenv-deployment (~> 0.0.2)
    dotenv-deployment (0.0.2)
    faraday (0.9.0)
      multipart-post (>= 1.2, < 3)
    i18n (0.9.5)
      concurrent-ruby (~> 1.0)
    minitest (5.12.0)
    multipart-post (2.0.0)
    octokit (3.5.2)
      sawyer (~> 0.5.3)
    rack (1.6.0)
    rack-protection (1.5.3)
      rack
    rake (10.3.2)
    redis (3.1.0)
    rspec (3.1.0)
      rspec-core (~> 3.1.0)
      rspec-expectations (~> 3.1.0)
      rspec-mocks (~> 3.1.0)
    rspec-core (3.1.7)
      rspec-support (~> 3.1.0)
    rspec-expectations (3.1.2)
      diff-lcs (>= 1.2.0, < 2.0)
      rspec-support (~> 3.1.0)
    rspec-mocks (3.1.3)
      rspec-support (~> 3.1.0)
    rspec-support (3.1.2)
    safe_yaml (1.0.4)
    sawyer (0.5.5)
      addressable (~> 2.3.5)
      faraday (~> 0.8, < 0.10)
    sinatra (1.4.5)
      rack (~> 1.4)
      rack-protection (~> 1.4)
      tilt (~> 1.3, >= 1.3.4)
    slop (3.6.0)
    thor (0.19.1)
    thread_safe (0.3.6)
    tilt (1.4.1)
    tzinfo (1.2.10)
      thread_safe (~> 0.1)
    vcr (2.9.3)
    webmock (1.20.2)
      addressable (>= 2.3.6)
      crack (>= 0.3.2)

PLATFORMS
  ruby

DEPENDENCIES
  activesupport
  byebug
  dalli
  dotenv
  faraday
  octokit
  rake
  redis
  rspec
  sinatra
  thor
  vcr
  webmock
